GEM
  remote: https://rubygems.org/
  specs:
    activesupport (5.0.1)
      concurrent-ruby (~> 1.0, >= 1.0.2)
      i18n (~> 0.7)
      minitest (~> 5.1)
      tzinfo (~> 1.1)
    concurrent-ruby (1.0.4)
    hitimes (1.2.4)
    httpclient (2.8.3)
    i18n (0.8.0)
    json (2.0.3)
    mime-types (3.1)
      mime-types-data (~> 3.2015)
    mime-types-data (3.2016.0521)
    minitest (5.10.1)
    promise_pool (0.9.0)
      timers (>= 4.0.1)
    rest-builder (0.9.1)
      httpclient
      mime-types
      promise_pool
    rest-core (4.0.0)
      rest-builder
    rest-firebase (1.1.0)
      rest-core (>= 4.0.0)
    thread_safe (0.3.5)
    timers (4.1.2)
      hitimes
    tzinfo (1.2.2)
      thread_safe (~> 0.1)

PLATFORMS
  ruby

DEPENDENCIES
  activesupport
  json
  rest-firebase

BUNDLED WITH
   1.14.1
